GIT
  remote: git://github.com/mislav/will_paginate.git
  revision: 217b1a0212d378ddfd4268707e4ea732a1732971
  specs:
    will_paginate (3.0.4)

GIT
  remote: git://github.com/mongoid/mongoid.git
  revision: e1b32e598ec231cc7a7e191fd0432e4cd4910447
  ref: e1b32e598ec231cc7a7e191fd0432e4cd4910447
  specs:
    mongoid (4.0.0)
      activemodel (~> 4.0.0.rc2)
      moped (~> 1.4)
      origin (~> 1.0)
      tzinfo (~> 0.3.22)

GIT
  remote: git://github.com/wordsandwriting/activate-admin.git
  revision: 34d2375e9e07d47c834a0ffd9250c5ab00120ab4
  specs:
    activate-admin (0.0.1)
      padrino
      will_paginate

GEM
  remote: https://rubygems.org/
  specs:
    activemodel (4.0.2)
      activesupport (= 4.0.2)
      builder (~> 3.1.0)
    activesupport (4.0.2)
      i18n (~> 0.6, >= 0.6.4)
      minitest (~> 4.2)
      multi_json (~> 1.3)
      thread_safe (~> 0.1)
      tzinfo (~> 0.3.37)
    airbrake (3.1.14)
      builder
      json
    ansi (1.4.3)
    atomic (1.1.14)
    bcrypt-ruby (3.1.2)
    bson (1.9.2)
    bson_ext (1.9.2)
      bson (~> 1.9.2)
    builder (3.1.4)
    capybara (2.2.0)
      mime-types (>= 1.16)
      nokogiri (>= 1.3.3)
      rack (>= 1.0.0)
      rack-test (>= 0.5.4)
      xpath (~> 2.0)
    dragonfly (1.0.2)
      multi_json (~> 1.0)
      rack
    dragonfly-mongo_data_store (1.0.0)
      dragonfly (~> 1.0)
      mongo (~> 1.7)
    dragonfly-s3_data_store (1.0.2)
      dragonfly (~> 1.0)
      fog
    excon (0.31.0)
    factory_girl (4.3.0)
      activesupport (>= 3.0.0)
    faraday (0.8.8)
      multipart-post (~> 1.2.0)
    fog (1.19.0)
      builder
      excon (~> 0.31.0)
      formatador (~> 0.2.0)
      mime-types
      multi_json (~> 1.0)
      net-scp (~> 1.1)
      net-ssh (>= 2.1.3)
      nokogiri (~> 1.5)
      ruby-hmac
    formatador (0.2.4)
    hashie (2.0.5)
    http_router (0.11.0)
      rack (>= 1.0.0)
      url_mount (~> 0.2.1)
    httpauth (0.2.0)
    i18n (0.6.9)
    json (1.8.1)
    jwt (0.1.8)
      multi_json (>= 1.5)
    mail (2.5.4)
      mime-types (~> 1.16)
      treetop (~> 1.4.8)
    mime-types (1.25.1)
    mini_portile (0.5.2)
    minitest (4.7.5)
    mongo (1.9.2)
      bson (~> 1.9.2)
    moped (1.5.1)
    multi_json (1.8.2)
    multipart-post (1.2.0)
    net-scp (1.1.2)
      net-ssh (>= 2.6.5)
    net-ssh (2.7.0)
    nokogiri (1.6.1)
      mini_portile (~> 0.5.0)
    oauth (0.4.7)
    oauth2 (0.8.1)
      faraday (~> 0.8)
      httpauth (~> 0.1)
      jwt (~> 0.1.4)
      multi_json (~> 1.0)
      rack (~> 1.2)
    omniauth (1.1.4)
      hashie (>= 1.2, < 3)
      rack
    omniauth-facebook (1.5.1)
      omniauth-oauth2 (~> 1.1.0)
    omniauth-google-oauth2 (0.2.1)
      omniauth (~> 1.0)
      omniauth-oauth2
    omniauth-linkedin (0.1.0)
      omniauth-oauth (~> 1.0)
    omniauth-oauth (1.0.1)
      oauth
      omniauth (~> 1.0)
    omniauth-oauth2 (1.1.1)
      oauth2 (~> 0.8.0)
      omniauth (~> 1.0)
    omniauth-twitter (1.0.1)
      multi_json (~> 1.3)
      omniauth-oauth (~> 1.0)
    origin (1.1.0)
    padrino (0.11.1)
      padrino-admin (= 0.11.1)
      padrino-cache (= 0.11.1)
      padrino-core (= 0.11.1)
      padrino-gen (= 0.11.1)
      padrino-helpers (= 0.11.1)
      padrino-mailer (= 0.11.1)
    padrino-admin (0.11.1)
      padrino-core (= 0.11.1)
      padrino-helpers (= 0.11.1)
    padrino-cache (0.11.1)
      padrino-core (= 0.11.1)
      padrino-helpers (= 0.11.1)
    padrino-core (0.11.1)
      activesupport (>= 3.1.0)
      http_router (~> 0.11.0)
      rack-protection (>= 1.5.0)
      sinatra (~> 1.4.2)
      thor (~> 0.17.0)
      tilt (~> 1.3.0)
    padrino-gen (0.11.1)
      bundler (~> 1.0)
      padrino-core (= 0.11.1)
    padrino-helpers (0.11.1)
      i18n (~> 0.6)
      padrino-core (= 0.11.1)
    padrino-mailer (0.11.1)
      mail (~> 2.5.3)
      padrino-core (= 0.11.1)
    polyglot (0.3.3)
    puma (1.6.3)
      rack (~> 1.2)
    rack (1.5.2)
    rack-protection (1.5.1)
      rack
    rack-test (0.6.2)
      rack (>= 1.0)
    rake (10.1.1)
    ruby-hmac (0.4.0)
    sinatra (1.4.4)
      rack (~> 1.4)
      rack-protection (~> 1.4)
      tilt (~> 1.3, >= 1.3.4)
    thor (0.17.0)
    thread_safe (0.1.3)
      atomic
    tilt (1.3.7)
    treetop (1.4.15)
      polyglot
      polyglot (>= 0.3.1)
    turn (0.9.6)
      ansi
    tzinfo (0.3.38)
    url_mount (0.2.1)
      rack
    xpath (2.0.0)
      nokogiri (~> 1.3)

PLATFORMS
  ruby

DEPENDENCIES
  activate-admin!
  airbrake
  bcrypt-ruby
  bson_ext
  capybara
  dragonfly
  dragonfly-mongo_data_store
  dragonfly-s3_data_store
  factory_girl
  mongoid!
  omniauth
  omniauth-facebook
  omniauth-google-oauth2
  omniauth-linkedin
  omniauth-twitter
  padrino (= 0.11.1)
  puma (= 1.6.3)
  rake
  tilt (= 1.3.7)
  turn
  will_paginate!
